GEM
  remote: http://rubygems.org/
  specs:
    daemons (1.1.4)
    erubis (2.7.0)
    eventmachine (0.12.10)
    hashie (1.2.0)
    json (1.6.1)
    mime-types (1.17.2)
    msgpack (0.4.6)
    oauth (0.4.5)
    parallel (0.5.9)
    rack (1.3.5)
    rack-protection (1.1.4)
      rack
    sequel (3.29.0)
    sinatra (1.3.1)
      rack (~> 1.3, >= 1.3.4)
      rack-protection (~> 1.1, >= 1.1.2)
      tilt (~> 1.3, >= 1.3.3)
    sqlite3 (1.3.4)
    thin (1.3.1)
      daemons (>= 1.0.9)
      eventmachine (>= 0.12.6)
      rack (>= 1.0.0)
    tilt (1.3.3)
    twitter_oauth (0.4.3)
      json (>= 1.1.9)
      mime-types (>= 1.16)
      oauth (>= 0.4.1)

PLATFORMS
  ruby

DEPENDENCIES
  erubis
  hashie
  msgpack
  parallel
  sequel
  sinatra
  sqlite3
  thin
  twitter_oauth
